GIT
  remote: git://github.com/jxe/motion-addressbook.git
  revision: 93ec0102e9ddc6fb9fee293812e982dda23c641f
  specs:
    motion-addressbook (1.6.0)
      bubble-wrap (~> 1.3)

GEM
  remote: https://rubygems.org/
  specs:
    activesupport (3.2.14)
      i18n (~> 0.6, >= 0.6.4)
      multi_json (~> 1.0)
    bubble-wrap (1.4.0)
    claide (0.3.2)
    cocoapods (0.26.2)
      activesupport (~> 3.2)
      claide (~> 0.3.2)
      cocoapods-core (= 0.26.2)
      cocoapods-downloader (~> 0.2.0)
      colored (~> 1.2)
      escape (~> 0.0.4)
      json (~> 1.8)
      open4 (~> 1.3)
      xcodeproj (~> 0.13.0)
    cocoapods-core (0.26.2)
      activesupport (~> 3.0)
      json (~> 1.8)
      nap (~> 0.5)
    cocoapods-downloader (0.2.0)
    colored (1.2)
    escape (0.0.4)
    geomotion (0.13.1)
    i18n (0.6.5)
    ib (0.4.0)
      thor (>= 0.15.4)
      tilt (>= 1.4.1)
      xcodeproj (>= 0.11.1)
    json (1.8.0)
    motion-cocoapods (1.4.0)
      cocoapods (>= 0.26.2)
    motion-layout (0.0.1)
    multi_json (1.8.1)
    nap (0.5.1)
    nitron (0.2)
      motion-cocoapods (>= 1.0.1)
    open4 (1.3.0)
    rake (10.1.0)
    sugarcube (1.3.3)
    thor (0.18.1)
    tilt (1.4.1)
    xcodeproj (0.13.1)
      activesupport (~> 3.0)
      colored (~> 1.2)

PLATFORMS
  ruby

DEPENDENCIES
  bubble-wrap
  geomotion
  ib
  motion-addressbook!
  motion-layout
  nitron
  rake
  sugarcube
