GIT
  remote: git://github.com/jxe/motion-addressbook.git
  revision: 93ec0102e9ddc6fb9fee293812e982dda23c641f
  specs:
    motion-addressbook (1.6.0)
      bubble-wrap (~> 1.3)

GEM
  remote: https://rubygems.org/
  specs:
    activesupport (3.2.17)
      i18n (~> 0.6, >= 0.6.4)
      multi_json (~> 1.0)
    bubble-wrap (1.4.0)
    claide (0.5.0)
    cocoapods (0.31.1)
      activesupport (>= 3.2.15, < 4)
      claide (~> 0.5.0)
      cocoapods-core (= 0.31.1)
      cocoapods-downloader (~> 0.4.1)
      cocoapods-try (~> 0.2.0)
      colored (~> 1.2)
      escape (~> 0.0.4)
      json_pure (~> 1.8)
      nap (~> 0.5)
      open4 (~> 1.3)
      xcodeproj (~> 0.16.0)
    cocoapods-core (0.31.1)
      activesupport (>= 3.2.15, < 4)
      fuzzy_match (~> 2.0.4)
      json_pure (~> 1.8)
      nap (~> 0.5)
    cocoapods-downloader (0.4.1)
    cocoapods-try (0.2.0)
    colored (1.2)
    escape (0.0.4)
    formotion (1.7)
      bubble-wrap (~> 1.4.0)
      motion-require (~> 0.0.3)
    fuzzy_match (2.0.4)
    geomotion (0.14.0)
    i18n (0.6.9)
    ib (0.4.4)
      thor (>= 0.15.4)
      tilt (>= 1.4.1)
      xcodeproj (>= 0.11.1)
    json_pure (1.8.1)
    motion-cocoapods (1.4.0)
      cocoapods (>= 0.26.2)
    motion-layout (0.0.2)
    motion-require (0.0.7)
    motion_data_wrapper (0.0.7)
      bubble-wrap
    multi_json (1.9.2)
    nap (0.6.0)
    open4 (1.3.3)
    rake (10.2.2)
    sugarcube (1.5.5)
    thor (0.19.1)
    tilt (2.0.1)
    xcodeproj (0.16.0)
      activesupport (~> 3.0)
      colored (~> 1.2)

PLATFORMS
  ruby

DEPENDENCIES
  bubble-wrap
  formotion (= 1.7)
  geomotion
  ib
  motion-addressbook!
  motion-cocoapods
  motion-layout
  motion_data_wrapper
  rake
  sugarcube
